PATH
  remote: .
  specs:
    puppetmodule-stdlib (4.0.2)

GEM
  remote: https://rubygems.org/
  specs:
    diff-lcs (1.1.3)
    facter (1.6.18)
    hiera (1.2.0)
      json_pure
    json_pure (1.7.7)
    metaclass (0.0.1)
    mocha (0.10.5)
      metaclass (~> 0.0.1)
    puppet (3.1.1)
      facter (~> 1.6)
      hiera (~> 1.0)
    puppetlabs_spec_helper (0.4.1)
      mocha (>= 0.10.5)
      rake
      rspec (>= 2.9.0)
      rspec-puppet (>= 0.1.1)
    rake (10.0.4)
    rspec (2.11.0)
      rspec-core (~> 2.11.0)
      rspec-expectations (~> 2.11.0)
      rspec-mocks (~> 2.11.0)
    rspec-core (2.11.1)
    rspec-expectations (2.11.3)
      diff-lcs (~> 1.1.3)
    rspec-mocks (2.11.3)
    rspec-puppet (0.1.6)
      rspec
    watchr (0.7)

PLATFORMS
  ruby

DEPENDENCIES
  mocha (~> 0.10.5)
  puppet
  puppetlabs_spec_helper
  puppetmodule-stdlib (>= 1.0.0)!
  rake
  rspec (~> 2.11.0)
  rspec-puppet
  watchr
